GEM
  remote: https://rubygems.org/
  specs:
    combine_pdf (1.0.16)
      ruby-rc4 (>= 0.1.5)
    ruby-rc4 (0.1.5)
    thor (0.20.3)

PLATFORMS
  ruby

DEPENDENCIES
  combine_pdf
  thor

BUNDLED WITH
   1.17.2
